GEM
  remote: https://rubygems.org/
  specs:
    kramdown (1.13.2)

PLATFORMS
  ruby

DEPENDENCIES
  kramdown

BUNDLED WITH
   1.11.2
