GEM
  remote: https://rubygems.org/
  specs:
    kramdown (1.3.3)
    rake (10.3.1)

PLATFORMS
  ruby

DEPENDENCIES
  kramdown
  rake
